GEM
  remote: https://rubygems.org/
  specs:
    addressable (2.3.6)
    cookiejar (0.3.2)
    crack (0.4.2)
      safe_yaml (~> 1.0.0)
    diffy (3.0.4)
    em-http-request (1.1.2)
      addressable (>= 2.3.4)
      cookiejar
      em-socksify (>= 0.3)
      eventmachine (>= 1.0.3)
      http_parser.rb (>= 0.6.0)
    em-socksify (0.3.0)
      eventmachine (>= 1.0.0.beta.4)
    em-synchrony (1.0.3)
      eventmachine (>= 1.0.0.beta.1)
    eventmachine (1.0.3)
    http_parser.rb (0.6.0)
    httparty (0.13.1)
      json (~> 1.8)
      multi_xml (>= 0.5.2)
    json (1.8.1)
    lz4-ruby (0.3.2)
    multi_xml (0.5.5)
    rcarvalho-eventmachine_httpserver (0.2.1.1)
    rcarvalho-happening (0.2.5.5)
      em-http-request
    safe_yaml (1.0.3)

PLATFORMS
  ruby

DEPENDENCIES
  crack
  diffy
  em-http-request
  em-synchrony
  eventmachine
  httparty
  lz4-ruby (= 0.3.2)
  rcarvalho-eventmachine_httpserver
  rcarvalho-happening
